GEM
  remote: https://rubygems.org/
  specs:
    rack (1.6.2)
    vienna (0.4.0)
      rack (~> 1.5)

PLATFORMS
  ruby

DEPENDENCIES
  rack (~> 1.5)
  vienna

BUNDLED WITH
   1.12.5
