GEM
  remote: https://rubygems.org/
  specs:
    rack (2.1.4.2)
    vienna (0.4.2)
      rack (~> 2.0)

PLATFORMS
  ruby

DEPENDENCIES
  rack (~> 2.1.4)
  vienna

BUNDLED WITH
   2.0.2
