GEM
  remote: https://rubygems.org/
  specs:
    rack (2.0.7)
    vienna (0.4.2)
      rack (~> 2.0)

PLATFORMS
  x64-mingw32

DEPENDENCIES
  rack (~> 2.0.7)
  vienna (~> 0.4.2)

BUNDLED WITH
   2.0.2
